PATH
  remote: ..
  specs:
    rack-user_agent (0.5.2)
      rack (>= 1.5)
      woothee (>= 1.0.0)

GEM
  remote: https://rubygems.org/
  specs:
    coderay (1.1.2)
    method_source (0.9.2)
    mustermann (1.0.3)
    pry (0.12.2)
      coderay (~> 1.1.0)
      method_source (~> 0.9.0)
    rack (2.0.6)
    rack-protection (2.0.5)
      rack
    sinatra (2.0.5)
      mustermann (~> 1.0)
      rack (~> 2.0)
      rack-protection (= 2.0.5)
      tilt (~> 2.0)
    tilt (2.0.9)
    woothee (1.8.0)

PLATFORMS
  ruby

DEPENDENCIES
  pry
  rack-user_agent!
  sinatra

BUNDLED WITH
   1.16.6
